GEM
  remote: https://rubygems.org/
  specs:
    actioncable (7.0.4)
      actionpack (= 7.0.4)
      activesupport (= 7.0.4)
      nio4r (~> 2.0)
      websocket-driver (>= 0.6.1)
    actionmailbox (7.0.4)
      actionpack (= 7.0.4)
      activejob (= 7.0.4)
      activerecord (= 7.0.4)
      activestorage (= 7.0.4)
      activesupport (= 7.0.4)
      mail (>= 2.7.1)
      net-imap
      net-pop
      net-smtp
    actionmailer (7.0.4)
      actionpack (= 7.0.4)
      actionview (= 7.0.4)
      activejob (= 7.0.4)
      activesupport (= 7.0.4)
      mail (~> 2.5, >= 2.5.4)
      net-imap
      net-pop
      net-smtp
      rails-dom-testing (~> 2.0)
    actionpack (7.0.4)
      actionview (= 7.0.4)
      activesupport (= 7.0.4)
      rack (~> 2.0, >= 2.2.0)
      rack-test (>= 0.6.3)
      rails-dom-testing (~> 2.0)
      rails-html-sanitizer (~> 1.0, >= 1.2.0)
    actiontext (7.0.4)
      actionpack (= 7.0.4)
      activerecord (= 7.0.4)
      activestorage (= 7.0.4)
      activesupport (= 7.0.4)
      globalid (>= 0.6.0)
      nokogiri (>= 1.8.5)
    actionview (7.0.4)
      activesupport (= 7.0.4)
      builder (~> 3.1)
      erubi (~> 1.4)
      rails-dom-testing (~> 2.0)
      rails-html-sanitizer (~> 1.1, >= 1.2.0)
    activejob (7.0.4)
      activesupport (= 7.0.4)
      globalid (>= 0.3.6)
    activemodel (7.0.4)
      activesupport (= 7.0.4)
    activerecord (7.0.4)
      activemodel (= 7.0.4)
      activesupport (= 7.0.4)
    activestorage (7.0.4)
      actionpack (= 7.0.4)
      activejob (= 7.0.4)
      activerecord (= 7.0.4)
      activesupport (= 7.0.4)
      marcel (~> 1.0)
      mini_mime (>= 1.1.0)
    activesupport (7.0.4)
      concurrent-ruby (~> 1.0, >= 1.0.2)
      i18n (>= 1.6, < 2)
      minitest (>= 5.1)
      tzinfo (~> 2.0)
    addressable (2.8.1)
      public_suffix (>= 2.0.2, < 6.0)
    ast (2.4.2)
    audited (5.0.2)
      activerecord (>= 5.0, < 7.1)
    bcrypt (3.1.18)
    better_errors (2.9.1)
      coderay (>= 1.0.0)
      erubi (>= 1.0.0)
      rack (>= 0.9.0)
    bindex (0.8.1)
    binding_of_caller (1.0.0)
      debug_inspector (>= 0.0.1)
    bootsnap (1.13.0)
      msgpack (~> 1.2)
    builder (3.2.4)
    capybara (3.38.0)
      addressable
      matrix
      mini_mime (>= 0.1.3)
      nokogiri (~> 1.8)
      rack (>= 1.6.0)
      rack-test (>= 0.6.3)
      regexp_parser (>= 1.5, < 3.0)
      xpath (~> 3.2)
    childprocess (4.1.0)
    chronic (0.10.2)
    coderay (1.1.3)
    concurrent-ruby (1.1.10)
    connection_pool (2.3.0)
    crass (1.0.6)
    debug (1.6.3)
      irb (>= 1.3.6)
      reline (>= 0.3.1)
    debug_inspector (1.1.0)
    devise (4.8.1)
      bcrypt (~> 3.0)
      orm_adapter (~> 0.1)
      railties (>= 4.1.0)
      responders
      warden (~> 1.2.3)
    domain_name (0.5.20190701)
      unf (>= 0.0.5, < 1.0.0)
    erubi (1.11.0)
    ffi (1.15.5)
    ffi-compiler (1.0.1)
      ffi (>= 1.0.0)
      rake
    figaro (1.2.0)
      thor (>= 0.14.0, < 2)
    font-awesome-rails (4.7.0.8)
      railties (>= 3.2, < 8.0)
    globalid (1.0.0)
      activesupport (>= 5.0)
    hotwire-livereload (1.2.2)
      listen (>= 3.0.0)
      rails (>= 6.0.0)
    http (5.1.1)
      addressable (~> 2.8)
      http-cookie (~> 1.0)
      http-form_data (~> 2.2)
      llhttp-ffi (~> 0.4.0)
    http-cookie (1.0.5)
      domain_name (~> 0.5)
    http-form_data (2.3.0)
    i18n (1.12.0)
      concurrent-ruby (~> 1.0)
    image_processing (1.12.2)
      mini_magick (>= 4.9.5, < 5)
      ruby-vips (>= 2.0.17, < 3)
    importmap-rails (1.1.5)
      actionpack (>= 6.0.0)
      railties (>= 6.0.0)
    inline_svg (1.8.0)
      activesupport (>= 3.0)
      nokogiri (>= 1.6)
    invisible_captcha (2.0.0)
      rails (>= 5.0)
    io-console (0.5.11)
    irb (1.4.2)
      reline (>= 0.3.0)
    json (2.6.2)
    launchy (2.5.0)
      addressable (~> 2.7)
    letter_opener (1.8.1)
      launchy (>= 2.2, < 3)
    letter_opener_web (2.0.0)
      actionmailer (>= 5.2)
      letter_opener (~> 1.7)
      railties (>= 5.2)
      rexml
    listen (3.7.1)
      rb-fsevent (~> 0.10, >= 0.10.3)
      rb-inotify (~> 0.9, >= 0.9.10)
    llhttp-ffi (0.4.0)
      ffi-compiler (~> 1.0)
      rake (~> 13.0)
    loofah (2.19.0)
      crass (~> 1.0.2)
      nokogiri (>= 1.5.9)
    mail (2.7.1)
      mini_mime (>= 0.1.1)
    marcel (1.0.2)
    matrix (0.4.2)
    method_source (1.0.0)
    mini_magick (4.11.0)
    mini_mime (1.1.2)
    minitest (5.16.3)
    msgpack (1.6.0)
    name_of_person (1.1.1)
      activesupport (>= 5.2.0)
    net-imap (0.3.1)
      net-protocol
    net-pop (0.1.2)
      net-protocol
    net-protocol (0.1.3)
      timeout
    net-smtp (0.3.3)
      net-protocol
    nio4r (2.5.8)
    nokogiri (1.13.9-arm64-darwin)
      racc (~> 1.4)
    nokogiri (1.13.9-x86_64-linux)
      racc (~> 1.4)
    noticed (1.6.0)
      http (>= 4.0.0)
      rails (>= 5.2.0)
    orm_adapter (0.5.0)
    pagy (5.10.1)
      activesupport
    parallel (1.22.1)
    parser (3.1.2.1)
      ast (~> 2.4.1)
    pg (1.4.4)
    pretender (0.4.0)
      actionpack (>= 5.2)
    pry (0.14.1)
      coderay (~> 1.1)
      method_source (~> 1.0)
    pry-rails (0.3.9)
      pry (>= 0.10.4)
    public_suffix (5.0.0)
    puma (5.6.5)
      nio4r (~> 2.0)
    pundit (2.2.0)
      activesupport (>= 3.0.0)
    racc (1.6.0)
    rack (2.2.4)
    rack-test (2.0.2)
      rack (>= 1.3)
    rails (7.0.4)
      actioncable (= 7.0.4)
      actionmailbox (= 7.0.4)
      actionmailer (= 7.0.4)
      actionpack (= 7.0.4)
      actiontext (= 7.0.4)
      actionview (= 7.0.4)
      activejob (= 7.0.4)
      activemodel (= 7.0.4)
      activerecord (= 7.0.4)
      activestorage (= 7.0.4)
      activesupport (= 7.0.4)
      bundler (>= 1.15.0)
      railties (= 7.0.4)
    rails-dom-testing (2.0.3)
      activesupport (>= 4.2.0)
      nokogiri (>= 1.6)
    rails-html-sanitizer (1.4.3)
      loofah (~> 2.3)
    railties (7.0.4)
      actionpack (= 7.0.4)
      activesupport (= 7.0.4)
      method_source
      rake (>= 12.2)
      thor (~> 1.0)
      zeitwerk (~> 2.5)
    rainbow (3.1.1)
    rake (13.0.6)
    rb-fsevent (0.11.2)
    rb-inotify (0.10.1)
      ffi (~> 1.0)
    redis (4.8.0)
    redis-client (0.11.2)
      connection_pool
    regexp_parser (2.6.0)
    reline (0.3.1)
      io-console (~> 0.5)
    responders (3.0.1)
      actionpack (>= 5.0)
      railties (>= 5.0)
    rexml (3.2.5)
    rubocop (1.35.1)
      json (~> 2.3)
      parallel (~> 1.10)
      parser (>= 3.1.2.1)
      rainbow (>= 2.2.2, < 4.0)
      regexp_parser (>= 1.8, < 3.0)
      rexml (>= 3.2.5, < 4.0)
      rubocop-ast (>= 1.20.1, < 2.0)
      ruby-progressbar (~> 1.7)
      unicode-display_width (>= 1.4.0, < 3.0)
    rubocop-ast (1.23.0)
      parser (>= 3.1.1.0)
    rubocop-performance (1.14.3)
      rubocop (>= 1.7.0, < 2.0)
      rubocop-ast (>= 0.4.0)
    ruby-progressbar (1.11.0)
    ruby-vips (2.1.4)
      ffi (~> 1.12)
    rubyzip (2.3.2)
    selenium-webdriver (4.6.1)
      childprocess (>= 0.5, < 5.0)
      rexml (~> 3.2, >= 3.2.5)
      rubyzip (>= 1.2.2, < 3.0)
      websocket (~> 1.0)
    sidekiq (7.0.1)
      concurrent-ruby (< 2)
      connection_pool (>= 2.3.0)
      rack (>= 2.2.4)
      redis-client (>= 0.9.0)
    slim (4.1.0)
      temple (>= 0.7.6, < 0.9)
      tilt (>= 2.0.6, < 2.1)
    slim-rails (3.5.1)
      actionpack (>= 3.1)
      railties (>= 3.1)
      slim (>= 3.0, < 5.0)
    sprockets (4.1.1)
      concurrent-ruby (~> 1.0)
      rack (> 1, < 3)
    sprockets-rails (3.4.2)
      actionpack (>= 5.2)
      activesupport (>= 5.2)
      sprockets (>= 3.0.0)
    standard (1.16.1)
      rubocop (= 1.35.1)
      rubocop-performance (= 1.14.3)
    standardrb (1.0.1)
      standard
    stimulus-rails (1.1.1)
      railties (>= 6.0.0)
    tailwindcss-rails (2.0.17-arm64-darwin)
      railties (>= 6.0.0)
    tailwindcss-rails (2.0.17-x86_64-linux)
      railties (>= 6.0.0)
    temple (0.8.2)
    thor (1.2.1)
    tilt (2.0.11)
    timeout (0.3.0)
    turbo-rails (1.3.2)
      actionpack (>= 6.0.0)
      activejob (>= 6.0.0)
      railties (>= 6.0.0)
    tzinfo (2.0.5)
      concurrent-ruby (~> 1.0)
    unf (0.1.4)
      unf_ext
    unf_ext (0.0.8.2)
    unicode-display_width (2.3.0)
    view_component (2.75.0)
      activesupport (>= 5.0.0, < 8.0)
      concurrent-ruby (~> 1.0)
      method_source (~> 1.0)
    warden (1.2.9)
      rack (>= 2.0.9)
    web-console (4.2.0)
      actionview (>= 6.0.0)
      activemodel (>= 6.0.0)
      bindex (>= 0.4.0)
      railties (>= 6.0.0)
    webdrivers (5.2.0)
      nokogiri (~> 1.6)
      rubyzip (>= 1.3.0)
      selenium-webdriver (~> 4.0)
    websocket (1.2.9)
    websocket-driver (0.7.5)
      websocket-extensions (>= 0.1.0)
    websocket-extensions (0.1.5)
    whenever (1.0.0)
      chronic (>= 0.6.3)
    xpath (3.2.0)
      nokogiri (~> 1.8)
    zeitwerk (2.6.4)

PLATFORMS
  arm64-darwin-21
  x86_64-linux

DEPENDENCIES
  audited
  better_errors
  binding_of_caller
  bootsnap
  capybara
  chronic
  debug
  devise (~> 4.8)
  figaro
  font-awesome-rails (~> 4.7)
  hotwire-livereload
  image_processing (~> 1.12)
  importmap-rails
  inline_svg
  invisible_captcha (~> 2.0)
  letter_opener_web
  name_of_person (~> 1.1)
  noticed
  pagy (~> 5.10)
  pg (~> 1.1)
  pretender
  pry
  pry-rails
  puma (~> 5.0)
  pundit (~> 2.2)
  rails (~> 7.0.4)
  redis (~> 4.0)
  selenium-webdriver
  sidekiq
  slim-rails (~> 3.5)
  sprockets-rails
  standardrb
  stimulus-rails
  tailwindcss-rails
  turbo-rails
  tzinfo-data
  view_component (~> 2.75)
  web-console
  webdrivers
  whenever

RUBY VERSION
   ruby 3.1.2p20

BUNDLED WITH
   2.3.20
